GIT
  remote: git://github.com/bai/crypt-isaac.git
  revision: 091ff8f6ddbb3df205b1a75efcc6cb6d7785c3b8
  specs:
    crypt-isaac (0.9.3)

GEM
  remote: http://rubygems.org/
  specs:
    addressable (2.2.6)
    i18n (0.6.0)
    nokogiri (1.5.0)
    rack (1.3.5)
    rack-protection (1.1.4)
      rack
    rack-test (0.6.1)
      rack (>= 1.0)
    rake (0.9.2.2)
    redis (2.2.2)
    shotgun (0.9)
      rack (>= 1.0)
    shoulda (2.11.3)
    sinatra (1.3.1)
      rack (~> 1.3, >= 1.3.4)
      rack-protection (~> 1.1, >= 1.1.2)
      tilt (~> 1.3, >= 1.3.3)
    tilt (1.3.3)
    warden (1.1.0)
      rack (>= 1.0)
    webrat (0.7.3)
      nokogiri (>= 1.2.0)
      rack (>= 1.0)
      rack-test (>= 0.5.3)
    yajl-ruby (1.1.0)

PLATFORMS
  ruby

DEPENDENCIES
  addressable
  crypt-isaac!
  i18n
  rack
  rack-test
  rake
  redis
  shotgun
  shoulda
  sinatra
  warden
  webrat
  yajl-ruby
